PATH
  remote: .
  specs:
    netlinx-workspace (0.2.0)

GEM
  remote: https://rubygems.org/
  specs:
    coderay (1.1.0)
    diff-lcs (1.2.5)
    fivemat (1.3.0)
    method_source (0.8.2)
    netlinx-compile (1.0.0)
    pry (0.9.12.6)
      coderay (~> 1.0)
      method_source (~> 0.8)
      slop (~> 3.4)
    rake (10.3.1)
    rb-readline (0.5.1)
    rspec (2.14.1)
      rspec-core (~> 2.14.0)
      rspec-expectations (~> 2.14.0)
      rspec-mocks (~> 2.14.0)
    rspec-core (2.14.8)
    rspec-expectations (2.14.5)
      diff-lcs (>= 1.1.3, < 2.0)
    rspec-mocks (2.14.6)
    slop (3.5.0)
    yard (0.8.7.4)

PLATFORMS
  ruby
  x64-mingw32

DEPENDENCIES
  fivemat
  netlinx-compile
  netlinx-workspace!
  pry
  rake
  rb-readline
  rspec
  yard
